GEM
  remote: https://rubygems.org/
  specs:
    git (1.8.1)
      rchardet (~> 1.8)
    rchardet (1.8.0)

PLATFORMS
  x86_64-darwin-19

DEPENDENCIES
  git

BUNDLED WITH
   2.2.15
